PATH
  remote: ../..
  specs:
    opal (1.3.0.dev)
      ast (>= 2.3.0)
      parser (~> 3.0)

GEM
  remote: https://rubygems.org/
  specs:
    ast (2.4.2)
    nio4r (2.5.8)
    parser (3.0.2.0)
      ast (~> 2.4.1)
    puma (5.5.0)
      nio4r (~> 2.0)
    rack (2.2.3)

PLATFORMS
  ruby

DEPENDENCIES
  opal!
  puma
  rack

BUNDLED WITH
   2.1.4
